GEM
  remote: https://rubygems.org/
  specs:
    amq-protocol (2.3.0)
    bunny (2.11.0)
      amq-protocol (~> 2.3.0)
    debase (0.2.2)
      debase-ruby_core_source (>= 0.10.2)
    debase-ruby_core_source (0.10.3)
    dotenv (2.5.0)
    et-orbi (1.1.3)
      tzinfo
    fugit (1.1.3)
      et-orbi (~> 1.1, >= 1.1.1)
      raabro (~> 1.1)
    pg (1.0.0)
    raabro (1.1.6)
    rack (2.0.5)
    rufus-scheduler (3.5.0)
      fugit (~> 1.1, >= 1.1.1)
    sequel (5.10.0)
    serverengine (1.5.11)
      sigdump (~> 0.2.2)
    shotgun (0.9.2)
      rack (>= 1.0)
    sigdump (0.2.4)
    sneakers (2.4.0)
      bunny (~> 2.6)
      serverengine (~> 1.5.11)
      thor
      thread (~> 0.1.7)
    thor (0.20.0)
    thread (0.1.7)
    thread_safe (0.3.6)
    tzinfo (1.2.5)
      thread_safe (~> 0.1)

PLATFORMS
  ruby

DEPENDENCIES
  bunny
  debase
  dotenv
  pg
  rufus-scheduler
  sequel
  shotgun
  sneakers

RUBY VERSION
   ruby 2.5.1p57

BUNDLED WITH
   1.16.2
